GEM
  remote: https://rubygems.org/
  specs:
    rubyzip (2.3.2)
    xsv (1.1.1)
      rubyzip (>= 1.3, < 3)

PLATFORMS
  ruby

DEPENDENCIES
  xsv

BUNDLED WITH
   2.1.4
